GEM
  remote: https://rubygems.org/
  specs:
    ast (2.3.0)
    daemons (1.2.4)
    eventmachine (1.2.0.1)
    foreman (0.82.0)
      thor (~> 0.19.1)
    mustermann (1.0.3)
    parser (2.3.1.4)
      ast (~> 2.2)
    pg (0.19.0)
    postgres (0.8.1)
      pg (~> 0)
    powerpack (0.1.1)
    rack (2.0.6)
    rack-protection (2.0.4)
      rack
    rainbow (2.1.0)
    rubocop (0.45.0)
      parser (>= 2.3.1.1, < 3.0)
      powerpack (~> 0.1)
      rainbow (>= 1.99.1, < 3.0)
      ruby-progressbar (~> 1.7)
      unicode-display_width (~> 1.0, >= 1.0.1)
    ruby-progressbar (1.8.1)
    sequel (4.40.0)
    sinatra (2.0.4)
      mustermann (~> 1.0)
      rack (~> 2.0)
      rack-protection (= 2.0.4)
      tilt (~> 2.0)
    slack-notifier (2.3.2)
    terminal-table (1.8.0)
      unicode-display_width (~> 1.1, >= 1.1.1)
    thin (1.7.0)
      daemons (~> 1.0, >= 1.0.9)
      eventmachine (~> 1.0, >= 1.0.4)
      rack (>= 1, < 3)
    thor (0.19.1)
    tilt (2.0.8)
    unicode-display_width (1.4.0)

PLATFORMS
  ruby

DEPENDENCIES
  foreman
  postgres
  rubocop
  sequel
  sinatra (>= 2.0.0.beta.1)
  slack-notifier
  terminal-table
  thin

RUBY VERSION
   ruby 2.3.1p112

BUNDLED WITH
   1.13.6
