GEM
  remote: https://rubygems.org/
  specs:
    ast (2.4.2)
    daemons (1.2.6)
    eventmachine (1.2.7)
    foreman (0.85.0)
      thor (~> 0.19.1)
    mustermann (1.0.3)
    parallel (1.20.1)
    parser (3.0.1.1)
      ast (~> 2.4.1)
    pg (0.19.0)
    postgres (0.8.1)
      pg (~> 0)
    rack (2.0.6)
    rack-protection (2.0.5)
      rack
    rainbow (3.0.0)
    regexp_parser (2.1.1)
    rexml (3.2.5)
    rubocop (1.18.3)
      parallel (~> 1.10)
      parser (>= 3.0.0.0)
      rainbow (>= 2.2.2, < 4.0)
      regexp_parser (>= 1.8, < 3.0)
      rexml
      rubocop-ast (>= 1.7.0, < 2.0)
      ruby-progressbar (~> 1.7)
      unicode-display_width (>= 1.4.0, < 3.0)
    rubocop-ast (1.7.0)
      parser (>= 3.0.1.1)
    ruby-progressbar (1.11.0)
    sequel (4.40.0)
    sinatra (2.0.5)
      mustermann (~> 1.0)
      rack (~> 2.0)
      rack-protection (= 2.0.5)
      tilt (~> 2.0)
    slack-notifier (1.5.1)
    terminal-table (1.8.0)
      unicode-display_width (~> 1.1, >= 1.1.1)
    thin (1.7.2)
      daemons (~> 1.0, >= 1.0.9)
      eventmachine (~> 1.0, >= 1.0.4)
      rack (>= 1, < 3)
    thor (0.19.4)
    tilt (2.0.9)
    unicode-display_width (1.7.0)

PLATFORMS
  ruby

DEPENDENCIES
  foreman
  postgres
  rubocop
  sequel
  sinatra (>= 2.0.0.beta.1)
  slack-notifier
  terminal-table
  thin

RUBY VERSION
   ruby 2.6.0p0

BUNDLED WITH
   1.17.2
